GEM
  remote: https://rubygems.org/
  specs:
    rake (13.1.0)
    rake-compiler (1.2.5)
      rake

PLATFORMS
  ruby
  x86_64-linux

DEPENDENCIES
  rake-compiler (~> 1.2)

BUNDLED WITH
   2.5.1
