GEM
  remote: https://rubygems.org/
  specs:
    rake (13.1.0)
    rake-compiler (1.2.5)
      rake
    rb_sys (0.9.83)

PLATFORMS
  x86_64-linux

DEPENDENCIES
  rake-compiler (~> 1.2)
  rb_sys (~> 0.9.83)

BUNDLED WITH
   2.4.19
