GEM
  remote: https://rubygems.org/
  specs:
    rake (13.1.0)
    rake-compiler (1.2.5)
      rake
    zeitwerk (2.6.12)

PLATFORMS
  ruby
  x86_64-linux

DEPENDENCIES
  rake-compiler (~> 1.2)
  zeitwerk (~> 2.6)

BUNDLED WITH
   2.5.1
